GEM
  remote: https://rubygems.org/
  specs:
    curb (0.9.3)
    eventmachine (1.2.1)
    faraday (0.10.0)
      multipart-post (>= 1.2, < 3)
    faye-websocket (0.10.5)
      eventmachine (>= 0.12.0)
      websocket-driver (>= 0.5.1)
    http_router (0.11.2)
      rack (>= 1.0.0)
      url_mount (~> 0.2.1)
    i18n (0.7.0)
    ice_nine (0.11.2)
    lita (4.7.1)
      bundler (>= 1.3)
      faraday (>= 0.8.7)
      http_router (>= 0.11.2)
      i18n (>= 0.6.9)
      ice_nine (>= 0.11.0)
      multi_json (>= 1.7.7)
      puma (>= 2.7.1)
      rack (>= 1.5.2, < 2.0.0)
      rb-readline (>= 0.5.1)
      redis-namespace (>= 1.3.0)
      thor (>= 0.18.1)
    lita-devops-reactions (0.1.0)
      curb (>= 0.8)
      lita (>= 4.4)
      nokogiri (>= 1.6)
    lita-greet (0.2.0)
      lita (>= 4.4)
    lita-howdoi (0.0.3)
      lita (>= 4.2)
      nokogiri
    lita-karma (3.0.2)
      lita (>= 4.0)
    lita-slack (1.8.0)
      eventmachine
      faraday
      faye-websocket (>= 0.8.0)
      lita (>= 4.7.1)
      multi_json
    mini_portile2 (2.1.0)
    multi_json (1.12.1)
    multipart-post (2.0.0)
    nokogiri (1.6.8.1)
      mini_portile2 (~> 2.1.0)
    puma (3.6.2)
    rack (1.6.5)
    rb-readline (0.5.3)
    redis (3.3.2)
    redis-namespace (1.5.2)
      redis (~> 3.0, >= 3.0.4)
    thor (0.19.4)
    url_mount (0.2.1)
      rack
    websocket-driver (0.6.4)
      websocket-extensions (>= 0.1.0)
    websocket-extensions (0.1.2)

PLATFORMS
  ruby

DEPENDENCIES
  lita
  lita-devops-reactions
  lita-greet
  lita-howdoi
  lita-karma
  lita-slack

BUNDLED WITH
   1.13.6
